GEM
  remote: https://rubygems.org/
  specs:
    haml (5.1.2)
      temple (>= 0.8.0)
      tilt
    rake (13.2.1)
    temple (0.8.2)
    tilt (2.0.10)
    webrick (1.9.1)

PLATFORMS
  ruby

DEPENDENCIES
  haml
  rake
  tilt
  webrick

BUNDLED WITH
   2.6.7
